GEM
  remote: https://rubygems.org/
  specs:
    dotenv (2.1.0)
    mail (2.6.3)
      mime-types (>= 1.16, < 3)
    mime-types (2.99.1)

PLATFORMS
  ruby

DEPENDENCIES
  dotenv
  mail

BUNDLED WITH
   1.10.6
